GIT
  remote: https://github.com/everypolitician/everypoliticianbot
  revision: 736835a753e2f0b88fe51ff186d4831ee5b56797
  specs:
    everypoliticianbot (0.1.0)
      git (~> 1.2)
      octokit (~> 4.1)

GEM
  remote: https://rubygems.org/
  specs:
    addressable (2.3.8)
    coderay (1.1.1)
    faraday (0.9.2)
      multipart-post (>= 1.2, < 3)
    git (1.2.9.1)
    method_source (0.8.2)
    multipart-post (2.0.0)
    octokit (4.2.0)
      sawyer (~> 0.6.0, >= 0.5.3)
    parallel (1.6.1)
    pry (0.10.4)
      coderay (~> 1.1.0)
      method_source (~> 0.8.1)
      slop (~> 3.4)
    rmagick (2.16.0)
    sawyer (0.6.0)
      addressable (~> 2.3.5)
      faraday (~> 0.8, < 0.10)
    slop (3.6.0)

PLATFORMS
  ruby

DEPENDENCIES
  everypoliticianbot!
  parallel
  pry
  rmagick

BUNDLED WITH
   1.14.5
