GIT
  remote: https://github.com/everypolitician/everypoliticianbot
  revision: 736835a753e2f0b88fe51ff186d4831ee5b56797
  specs:
    everypoliticianbot (0.1.0)
      git (~> 1.2)
      octokit (~> 4.1)

GEM
  remote: https://rubygems.org/
  specs:
    addressable (2.3.8)
    faraday (0.9.2)
      multipart-post (>= 1.2, < 3)
    git (1.2.9.1)
    multipart-post (2.0.0)
    octokit (4.2.0)
      sawyer (~> 0.6.0, >= 0.5.3)
    parallel (1.6.1)
    sawyer (0.6.0)
      addressable (~> 2.3.5)
      faraday (~> 0.8, < 0.10)

PLATFORMS
  ruby

DEPENDENCIES
  everypoliticianbot!
  parallel

BUNDLED WITH
   1.10.6
